GEM
  remote: https://rubygems.org/
  specs:
    active_support (3.0.0)
      activesupport (= 3.0.0)
    activesupport (3.0.0)
    amq-client (1.0.4)
      amq-protocol (>= 1.9.0)
      eventmachine
    amq-protocol (1.9.2)
    amqp (1.0.4)
      amq-client (~> 1.0.3)
      amq-protocol (>= 1.9.0)
      eventmachine
    bunny (0.10.8)
      amq-protocol (>= 1.6.0)
    eventmachine (1.0.3)
    msgpack (0.5.8)
    rabbit_rpc (0.0.1)
      active_support (~> 3.0.0)
      amqp (~> 1.0.4)
      bunny (~> 0.10.8)
      msgpack (~> 0.5.8)

PLATFORMS
  ruby

DEPENDENCIES
  rabbit_rpc
